GEM
  remote: https://rubygems.org/
  specs:
    curb (0.8.3)
    diff-lcs (1.1.3)
    rake (0.9.2.2)
    rr (1.0.4)
    rspec (2.7.0)
      rspec-core (~> 2.7.0)
      rspec-expectations (~> 2.7.0)
      rspec-mocks (~> 2.7.0)
    rspec-core (2.7.1)
    rspec-expectations (2.7.0)
      diff-lcs (~> 1.1.2)
    rspec-mocks (2.7.0)
    text-table (1.2.3)
    yajl-ruby (1.1.0)

PLATFORMS
  java
  ruby

DEPENDENCIES
  curb (~> 0.8.3)
  rake (~> 0.9.2.2)
  rr
  rspec
  text-table
  yajl-ruby (~> 1.1.0)
